PATH
  remote: .
  specs:
    tc211-termbase (0.1.13)
      creek
      relaton (~> 1.0)

GEM
  remote: https://rubygems.org/
  specs:
    addressable (2.8.0)
      public_suffix (>= 2.0.2, < 5.0)
    bibtex-ruby (5.1.4)
      latex-decode (~> 0.0)
    cnccs (0.1.5)
    creek (2.5.2)
      nokogiri (>= 1.10.0)
      rubyzip (>= 1.0.0)
    debase (0.2.4.1)
      debase-ruby_core_source (>= 0.10.2)
    debase-ruby_core_source (0.10.9)
    diff-lcs (1.3)
    domain_name (0.5.20190701)
      unf (>= 0.0.5, < 1.0.0)
    faraday (1.0.1)
      multipart-post (>= 1.2, < 3)
    gb-agencies (0.0.6)
    http-cookie (1.0.3)
      domain_name (~> 0.5)
    iso639 (1.3.2)
    isoics (0.1.8)
    latex-decode (0.3.1)
    mini_portile2 (2.4.0)
    multipart-post (2.1.1)
    nokogiri (1.10.9)
      mini_portile2 (~> 2.4.0)
    public_suffix (4.0.6)
    rake (10.5.0)
    relaton (1.0.1)
      relaton-calconnect (~> 1.0.0)
      relaton-gb (~> 1.0.0)
      relaton-iec (~> 1.0.0)
      relaton-ietf (~> 1.0.0)
      relaton-iso (~> 1.0.0)
      relaton-itu (~> 1.0.0)
      relaton-nist (~> 1.0.0)
      relaton-ogc (~> 1.0.0)
      relaton-omg (~> 1.0.0)
      relaton-un (~> 1.0.0)
      relaton-w3c (~> 1.0.0)
    relaton-bib (1.0.2)
      addressable
      bibtex-ruby
      iso639
      nokogiri
    relaton-calconnect (1.0.0)
      faraday
      relaton-iso-bib (~> 1.0.0)
    relaton-gb (1.0.0)
      cnccs (~> 0.1.1)
      gb-agencies (~> 0.0.1)
      relaton-iso-bib (~> 1.0.0)
    relaton-iec (1.0.0)
      addressable
      relaton-iso-bib (~> 1.0.0)
    relaton-ietf (1.0.0)
      relaton-bib (~> 1.0.0)
    relaton-iso (1.0.1)
      relaton-iec (~> 1.0.0)
      relaton-iso-bib (~> 1.0.0)
    relaton-iso-bib (1.0.0)
      isoics (~> 0.1.6)
      relaton-bib (~> 1.0.0)
    relaton-itu (1.0.2)
      relaton-iso-bib (~> 1.0.0)
    relaton-nist (1.0.0)
      relaton-bib (~> 1.0.0)
      rubyzip
    relaton-ogc (1.0.0)
      faraday (~> 1.0.0)
      relaton-iso-bib (~> 1.0.0)
    relaton-omg (1.0.0)
      relaton-bib (~> 1.0.0)
    relaton-un (1.0.0)
      faraday
      http-cookie
      relaton-iso-bib (~> 1.0.0)
      unf_ext (>= 0.0.7.7)
    relaton-w3c (1.0.0)
      relaton-bib (>= 1.0.0)
    rspec (3.9.0)
      rspec-core (~> 3.9.0)
      rspec-expectations (~> 3.9.0)
      rspec-mocks (~> 3.9.0)
    rspec-core (3.9.2)
      rspec-support (~> 3.9.3)
    rspec-expectations (3.9.2)
      diff-lcs (>= 1.2.0, < 2.0)
      rspec-support (~> 3.9.0)
    rspec-mocks (3.9.1)
      diff-lcs (>= 1.2.0, < 2.0)
      rspec-support (~> 3.9.0)
    rspec-support (3.9.3)
    ruby-debug-ide (0.7.2)
      rake (>= 0.8.1)
    rubyzip (2.3.0)
    unf (0.1.4)
      unf_ext
    unf_ext (0.0.7.7)

PLATFORMS
  ruby
  ruby-unknown
  tc211-unknown
  unknown
  unknown
  unknown
  unknown

DEPENDENCIES
  bundler (>= 2.0.1, < 3)
  debase
  rake (~> 10.0)
  rspec (~> 3.0)
  ruby-debug-ide
  tc211-termbase!

BUNDLED WITH
   2.1.4
